PATH
  remote: .
  specs:
    next-auth-session-token-decoder (0.1.0)
      hkdf (~> 1.0.0)
      jose (~> 1.1.3)

GEM
  remote: https://rubygems.org/
  specs:
    concurrent-ruby (1.2.2)
    diff-lcs (1.5.0)
    hamster (3.0.0)
      concurrent-ruby (~> 1.0)
    hkdf (1.0.0)
    jose (1.1.3)
      hamster
    rake (13.0.6)
    rspec (3.12.0)
      rspec-core (~> 3.12.0)
      rspec-expectations (~> 3.12.0)
      rspec-mocks (~> 3.12.0)
    rspec-core (3.12.1)
      rspec-support (~> 3.12.0)
    rspec-expectations (3.12.2)
      diff-lcs (>= 1.2.0, < 2.0)
      rspec-support (~> 3.12.0)
    rspec-mocks (3.12.4)
      diff-lcs (>= 1.2.0, < 2.0)
      rspec-support (~> 3.12.0)
    rspec-support (3.12.0)

PLATFORMS
  x86_64-darwin-20

DEPENDENCIES
  next-auth-session-token-decoder!
  rake (~> 13.0)
  rspec (~> 3.12)

BUNDLED WITH
   2.4.8
